GEM
  remote: https://rubygems.org/
  specs:
    activesupport (4.2.5.1)
      i18n (~> 0.7)
      json (~> 1.7, >= 1.7.7)
      minitest (~> 5.1)
      thread_safe (~> 0.3, >= 0.3.4)
      tzinfo (~> 1.1)
    ansi (1.5.0)
    ast (2.2.0)
    awesome_print (1.6.1)
    backports (3.6.7)
    better_errors (2.1.1)
      coderay (>= 1.0.0)
      erubis (>= 2.6.6)
      rack (>= 0.9.0)
    binding_of_caller (0.7.2)
      debug_inspector (>= 0.0.1)
    clockwork (1.2.0)
      activesupport
      tzinfo
    coderay (1.1.0)
    coolline (0.5.0)
      unicode_utils (~> 1.4)
    daemons (1.2.3)
    debug_inspector (0.0.2)
    em-websocket (0.5.1)
      eventmachine (>= 0.12.9)
      http_parser.rb (~> 0.6.0)
    erubis (2.7.0)
    eventmachine (1.0.9.1)
    ffi (1.9.10)
    formatador (0.2.5)
    guard (2.13.0)
      formatador (>= 0.2.4)
      listen (>= 2.7, <= 4.0)
      lumberjack (~> 1.0)
      nenv (~> 0.1)
      notiffany (~> 0.0)
      pry (>= 0.9.12)
      shellany (~> 0.0)
      thor (>= 0.18.1)
    guard-compat (1.2.1)
    guard-livereload (2.5.2)
      em-websocket (~> 0.5)
      guard (~> 2.8)
      guard-compat (~> 1.0)
      multi_json (~> 1.8)
    guard-shotgun (0.4.0)
      ffi
      guard (~> 2.0)
      spoon
    http_parser.rb (0.6.0)
    i18n (0.7.0)
    json (1.8.3)
    listen (3.0.6)
      rb-fsevent (>= 0.9.3)
      rb-inotify (>= 0.9.7)
    lumberjack (1.0.10)
    method_source (0.8.2)
    minitest (5.8.4)
    multi_json (1.11.2)
    nenv (0.3.0)
    notiffany (0.0.8)
      nenv (~> 0.1)
      shellany (~> 0.0)
    oga (2.0.0)
      ast
      ruby-ll (~> 2.1)
    pry (0.10.3)
      coderay (~> 1.1.0)
      method_source (~> 0.8.1)
      slop (~> 3.4)
    pry-coolline (0.2.5)
      coolline (~> 0.5)
    rack (1.6.4)
    rack-protection (1.5.3)
      rack
    rack-test (0.6.3)
      rack (>= 1.0)
    rb-fsevent (0.9.7)
    rb-inotify (0.9.7)
      ffi (>= 0.5.0)
    ruby-ll (2.1.2)
      ansi
      ast
    shellany (0.0.1)
    sinatra (1.4.7)
      rack (~> 1.5)
      rack-protection (~> 1.4)
      tilt (>= 1.3, < 3)
    sinatra-contrib (1.4.6)
      backports (>= 2.0)
      multi_json
      rack-protection
      rack-test
      sinatra (~> 1.4.0)
      tilt (>= 1.3, < 3)
    slop (3.6.0)
    spoon (0.0.4)
      ffi
    thin (1.6.4)
      daemons (~> 1.0, >= 1.0.9)
      eventmachine (~> 1.0, >= 1.0.4)
      rack (~> 1.0)
    thor (0.19.1)
    thread_safe (0.3.5)
    tilt (2.0.2)
    tzinfo (1.2.2)
      thread_safe (~> 0.1)
    unicode_utils (1.4.0)

PLATFORMS
  ruby

DEPENDENCIES
  awesome_print
  better_errors
  binding_of_caller
  clockwork
  guard
  guard-livereload
  guard-shotgun
  oga
  pry
  pry-coolline
  sinatra
  sinatra-contrib
  thin

BUNDLED WITH
   1.11.2
